GEM
  remote: http://rubygems.org/
  specs:
    archive-tar-minitar (0.5.2)
    builder (3.0.0)
    chalofa_ruby-progressbar (0.0.9.1)
    columnize (0.3.2)
    cucumber (0.10.2)
      builder (>= 2.1.2)
      diff-lcs (>= 1.1.2)
      gherkin (>= 2.3.5)
      json (>= 1.4.6)
      term-ansicolor (>= 1.0.5)
    diff-lcs (1.1.2)
    fuubar (0.0.4)
      chalofa_ruby-progressbar (~> 0.0.9)
      rspec (~> 2.0)
      rspec-instafail (~> 0.1.4)
    fuubar-cucumber (0.0.9)
      cucumber
      ruby-progressbar (~> 0.0.9)
    gherkin (2.3.5)
      json (>= 1.4.6)
    git (1.2.5)
    jeweler (1.5.2)
      bundler (~> 1.0.0)
      git (>= 1.2.5)
      rake
    json (1.5.1)
    linecache19 (0.5.11)
      ruby_core_source (>= 0.1.4)
    rake (0.8.7)
    rcov (0.9.9)
    rspec (2.5.0)
      rspec-core (~> 2.5.0)
      rspec-expectations (~> 2.5.0)
      rspec-mocks (~> 2.5.0)
    rspec-core (2.5.1)
    rspec-expectations (2.5.0)
      diff-lcs (~> 1.1.2)
    rspec-instafail (0.1.7)
    rspec-mocks (2.5.0)
    ruby-debug-base19 (0.11.24)
      columnize (>= 0.3.1)
      linecache19 (>= 0.5.11)
      ruby_core_source (>= 0.1.4)
    ruby-debug19 (0.11.6)
      columnize (>= 0.3.1)
      linecache19 (>= 0.5.11)
      ruby-debug-base19 (>= 0.11.19)
    ruby-progressbar (0.0.9)
    ruby_core_source (0.1.4)
      archive-tar-minitar (>= 0.5.2)
    term-ansicolor (1.0.5)

PLATFORMS
  ruby

DEPENDENCIES
  bundler
  cucumber
  fuubar
  fuubar-cucumber
  jeweler
  rcov
  rspec
  ruby-debug19
